GEM
  remote: https://rubygems.org/
  specs:
    ast (2.3.0)
    haml (4.0.7)
      tilt
    haml-lint (0.999.999)
      haml_lint
    haml_lint (0.20.0)
      haml (~> 4.0)
      rake (>= 10, < 13)
      rubocop (>= 0.47.0)
      sysexits (~> 1.1)
    metaclass (0.0.4)
    mocha (1.2.1)
      metaclass (~> 0.0.1)
    parser (2.3.3.1)
      ast (~> 2.2)
    power_assert (1.0.1)
    powerpack (0.1.1)
    rainbow (2.2.1)
    rake (12.0.0)
    rubocop (0.47.1)
      parser (>= 2.3.3.1, < 3.0)
      powerpack (~> 0.1)
      rainbow (>= 1.99.1, < 3.0)
      ruby-progressbar (~> 1.7)
      unicode-display_width (~> 1.0, >= 1.0.1)
    ruby-progressbar (1.8.1)
    sysexits (1.2.0)
    test-unit (3.2.3)
      power_assert
    tilt (2.0.6)
    unicode-display_width (1.1.3)

PLATFORMS
  x64-mingw32
  ruby
  x86_64-linux

DEPENDENCIES
  haml-lint!
  mocha!
  rake!
  rubocop!
  test-unit!

BUNDLED WITH
   1.13.7
